GEM
  remote: http://rubygems.org/
  specs:
    json (1.4.6)
    mime-types (1.16)
    rb-appscript (0.5.3)
    rest-client (1.6.1)
      mime-types (>= 1.16)

PLATFORMS
  ruby

DEPENDENCIES
  json
  rb-appscript
  rest-client
